GEM
  remote: https://rubygems.org/
  specs:
    activemodel (7.0.3.1)
      activesupport (= 7.0.3.1)
    activerecord (7.0.3.1)
      activemodel (= 7.0.3.1)
      activesupport (= 7.0.3.1)
    activesupport (7.0.3.1)
      concurrent-ruby (~> 1.0, >= 1.0.2)
      i18n (>= 1.6, < 2)
      minitest (>= 5.1)
      tzinfo (~> 2.0)
    awesome_print (1.7.0)
    concurrent-ruby (1.1.10)
    daemons (1.2.4)
    domain_name (0.5.20170404)
      unf (>= 0.0.5, < 1.0.0)
    ethon (0.10.1)
      ffi (>= 1.3.0)
    eventmachine (1.2.3)
    ffi (1.9.18)
    graphmatcher (0.3.8)
    hana (1.3.3)
    http-cookie (1.0.3)
      domain_name (~> 0.5)
    i18n (1.11.0)
      concurrent-ruby (~> 1.0)
    json (1.8.6)
    jsondiff (0.0.5)
    mime-types (3.1)
      mime-types-data (~> 3.2015)
    mime-types-data (3.2016.0521)
    minitest (5.16.2)
    narray (0.6.1.2)
    netrc (0.11.0)
    pg (0.20.0)
    rake (12.0.0)
    rest-client (2.0.2)
      http-cookie (>= 1.0.2, < 2.0)
      mime-types (>= 1.16, < 4.0)
      netrc (~> 0.8)
    seapig-client-ruby (0.2.1)
      hana
      jsondiff
      narray
      slop
      websocket-eventmachine-client
    slop (4.4.1)
    typhoeus (1.1.2)
      ethon (>= 0.9.0)
    tzinfo (2.0.4)
      concurrent-ruby (~> 1.0)
    unf (0.1.4)
      unf_ext
    unf_ext (0.0.7.4)
    websocket (1.2.4)
    websocket-eventmachine-base (1.2.0)
      eventmachine (~> 1.0)
      websocket (~> 1.0)
      websocket-native (~> 1.0)
    websocket-eventmachine-client (1.2.0)
      websocket-eventmachine-base (~> 1.0)
    websocket-native (1.0.0)
    xmlrpc (0.3.0)

PLATFORMS
  ruby

DEPENDENCIES
  activerecord (= 7.0.3.1)
  awesome_print
  daemons
  graphmatcher
  json
  mime-types
  pg
  rake
  rest-client
  seapig-client-ruby
  typhoeus
  xmlrpc

BUNDLED WITH
   1.13.7
